GEM
  remote: https://rubygems.org/
  specs:
    activemodel (4.2.0)
      activesupport (= 4.2.0)
      builder (~> 3.1)
    activerecord (4.2.0)
      activemodel (= 4.2.0)
      activesupport (= 4.2.0)
      arel (~> 6.0)
    activesupport (4.2.0)
      i18n (~> 0.7)
      json (~> 1.7, >= 1.7.7)
      minitest (~> 5.1)
      thread_safe (~> 0.3, >= 0.3.4)
      tzinfo (~> 1.1)
    addressable (2.3.7)
    arel (6.0.0)
    aws-sdk (2.0.29)
      aws-sdk-resources (= 2.0.29)
    aws-sdk-core (2.0.29)
      builder (~> 3.0)
      jmespath (~> 1.0)
      multi_json (~> 1.0)
      multi_xml (~> 0.5)
    aws-sdk-resources (2.0.29)
      aws-sdk-core (= 2.0.29)
    backports (3.6.4)
    builder (3.2.2)
    celluloid (0.16.0)
      timers (~> 4.0.0)
    climate_control (0.0.3)
      activesupport (>= 3.0)
    cocaine (0.5.7)
      climate_control (>= 0.0.3, < 1.0)
    coffee-script (2.3.0)
      coffee-script-source
      execjs
    coffee-script-source (1.9.1)
    connection_pool (2.1.2)
    eventmachine (1.0.7)
    execjs (2.4.0)
    faye-websocket (0.9.2)
      eventmachine (>= 0.12.0)
      websocket-driver (>= 0.5.1)
    flickraw (0.9.8)
    friendly_id (5.1.0)
      activerecord (>= 4.0.0)
    geocoder (1.2.7)
    haml (4.0.6)
      tilt
    hitimes (1.2.2)
    i18n (0.7.0)
    jmespath (1.0.2)
      multi_json (~> 1.0)
    jsmin (1.0.1)
    json (1.8.2)
    libv8 (3.16.14.7)
    mime-types (2.4.3)
    minitest (5.5.1)
    multi_json (1.11.0)
    multi_xml (0.5.5)
    mysql2 (0.3.18)
    paperclip (4.2.1)
      activemodel (>= 3.0.0)
      activesupport (>= 3.0.0)
      cocaine (~> 0.5.3)
      mime-types
    puma (2.11.1)
      rack (>= 1.1, < 2.0)
    rack (1.6.0)
    rack-protection (1.5.3)
      rack
    rack-test (0.6.3)
      rack (>= 1.0)
    rake (10.4.2)
    redis (3.2.1)
    redis-namespace (1.5.1)
      redis (~> 3.0, >= 3.0.4)
    ref (1.0.5)
    sass (3.4.13)
    shotgun (0.9.1)
      rack (>= 1.0)
    sidekiq (3.3.2)
      celluloid (>= 0.16.0)
      connection_pool (>= 2.1.1)
      json
      redis (>= 3.0.6)
      redis-namespace (>= 1.3.1)
    sinatra (1.4.5)
      rack (~> 1.4)
      rack-protection (~> 1.4)
      tilt (~> 1.3, >= 1.3.4)
    sinatra-activerecord (2.0.5)
      activerecord (>= 3.2)
      sinatra (~> 1.0)
    sinatra-assetpack (0.3.3)
      jsmin
      rack-test
      sinatra
      tilt (>= 1.3.0, < 2.0)
    sinatra-contrib (1.4.2)
      backports (>= 2.0)
      multi_json
      rack-protection
      rack-test
      sinatra (~> 1.4.0)
      tilt (~> 1.3)
    therubyracer (0.12.1)
      libv8 (~> 3.16.14.0)
      ref
    thread_safe (0.3.4)
    tilt (1.4.1)
    timers (4.0.1)
      hitimes
    tzinfo (1.2.2)
      thread_safe (~> 0.1)
    websocket-driver (0.5.3)
      websocket-extensions (>= 0.1.0)
    websocket-extensions (0.1.2)

PLATFORMS
  ruby

DEPENDENCIES
  activerecord (= 4.2.0)
  activesupport (= 4.2.0)
  addressable (= 2.3.7)
  aws-sdk (= 2.0.29)
  coffee-script (= 2.3.0)
  execjs (= 2.4.0)
  faye-websocket (= 0.9.2)
  flickraw (= 0.9.8)
  friendly_id (= 5.1.0)
  geocoder (= 1.2.7)
  haml (= 4.0.6)
  mysql2 (= 0.3.18)
  paperclip (= 4.2.1)
  puma (= 2.11.1)
  rack (= 1.6.0)
  rake (= 10.4.2)
  redis (= 3.2.1)
  sass (= 3.4.13)
  shotgun (= 0.9.1)
  sidekiq (= 3.3.2)
  sinatra (= 1.4.5)
  sinatra-activerecord (= 2.0.5)
  sinatra-assetpack (= 0.3.3)
  sinatra-contrib (= 1.4.2)
  therubyracer (= 0.12.1)
