GIT
  remote: git://github.com/gleuch/sinatra-content-for.git
  revision: 888f1820c1686c1fe525ec6bf6708c7ebf29b7c2
  specs:
    sinatra-content-for (0.2)
      sinatra

GEM
  remote: https://rubygems.org/
  specs:
    activemodel (4.1.5)
      activesupport (= 4.1.5)
      builder (~> 3.1)
    activerecord (4.1.5)
      activemodel (= 4.1.5)
      activesupport (= 4.1.5)
      arel (~> 5.0.0)
    activesupport (4.1.5)
      i18n (~> 0.6, >= 0.6.9)
      json (~> 1.7, >= 1.7.7)
      minitest (~> 5.1)
      thread_safe (~> 0.1)
      tzinfo (~> 1.1)
    addressable (2.3.6)
    arel (5.0.1.20140414130214)
    aws-sdk (1.52.0)
      aws-sdk-v1 (= 1.52.0)
    aws-sdk-v1 (1.52.0)
      json (~> 1.4)
      nokogiri (>= 1.4.4)
    builder (3.2.2)
    climate_control (0.0.3)
      activesupport (>= 3.0)
    cocaine (0.5.4)
      climate_control (>= 0.0.3, < 1.0)
    flickraw (0.9.8)
    friendly_id (5.0.4)
      activerecord (>= 4.0.0)
    geocoder (1.2.4)
    haml (4.0.5)
      tilt
    i18n (0.6.11)
    json (1.8.1)
    mime-types (2.3)
    mini_portile (0.6.0)
    minitest (5.4.1)
    mysql2 (0.3.16)
    nokogiri (1.6.3.1)
      mini_portile (= 0.6.0)
    paperclip (4.2.0)
      activemodel (>= 3.0.0)
      activesupport (>= 3.0.0)
      cocaine (~> 0.5.3)
      mime-types
    r18n-core (1.1.11)
    rack (1.5.2)
    rack-protection (1.5.3)
      rack
    rake (10.3.2)
    shotgun (0.9)
      rack (>= 1.0)
    sinatra (1.4.5)
      rack (~> 1.4)
      rack-protection (~> 1.4)
      tilt (~> 1.3, >= 1.3.4)
    sinatra-activerecord (2.0.2)
      activerecord (>= 3.2)
      sinatra (~> 1.0)
    sinatra-flash (0.3.0)
      sinatra (>= 1.0.0)
    sinatra-r18n (1.1.11)
      r18n-core (= 1.1.11)
      sinatra (>= 1.3)
    sinatra-respond_to (0.9.0)
      sinatra (~> 1.3)
    thread_safe (0.3.4)
    tilt (1.4.1)
    tzinfo (1.2.2)
      thread_safe (~> 0.1)

PLATFORMS
  ruby

DEPENDENCIES
  activerecord (= 4.1.5)
  activesupport (= 4.1.5)
  addressable (= 2.3.6)
  aws-sdk (= 1.52.0)
  flickraw (= 0.9.8)
  friendly_id (= 5.0.4)
  geocoder (= 1.2.4)
  haml (= 4.0.5)
  mysql2 (= 0.3.16)
  paperclip (= 4.2.0)
  rack (= 1.5.2)
  rake (= 10.3.2)
  shotgun (= 0.9)
  sinatra (= 1.4.5)
  sinatra-activerecord (= 2.0.2)
  sinatra-content-for (= 0.2)!
  sinatra-flash (= 0.3.0)
  sinatra-r18n (= 1.1.11)
  sinatra-respond_to (= 0.9.0)
